PATH
  remote: .
  specs:
    dmoz_sax_doc (0.0.5)
      json (~> 1.7)
      nokogiri (~> 1.5)

GEM
  remote: https://rubygems.org/
  specs:
    diff-lcs (1.2.1)
    json (1.8.1)
    mini_portile (0.6.0)
    nokogiri (1.6.2.1)
      mini_portile (= 0.6.0)
    rspec (2.13.0)
      rspec-core (~> 2.13.0)
      rspec-expectations (~> 2.13.0)
      rspec-mocks (~> 2.13.0)
    rspec-core (2.13.0)
    rspec-expectations (2.13.0)
      diff-lcs (>= 1.1.3, < 2.0)
    rspec-mocks (2.13.0)

PLATFORMS
  ruby

DEPENDENCIES
  dmoz_sax_doc!
  rspec (~> 2.12)
